FRAMEWORK: >= NET462
NUGET
  remote: https://www.nuget.org/api/v2
    Akka (1.1.2)
      Newtonsoft.Json (>= 9.0.1)
      System.Collections.Immutable (>= 1.1.36)
    Akka.Remote (1.1.2)
      Akka (>= 1.1.2)
      Google.ProtocolBuffers (>= 2.4.1.555)
      Helios (>= 2.1.2)
      System.Collections.Immutable (>= 1.1.36)
    Google.ProtocolBuffers (2.4.1.555)
    Helios (2.1.3)
    Newtonsoft.Json (9.0.1)
    System.Collections.Immutable (1.3)
    Topshelf (4.0.3)
